PATH
  remote: .
  specs:
    doc2json (1.0.0.pre.alpha.1)
      json (~> 1.8.1)
      yard (~> 0.8.7.4)

GEM
  remote: https://rubygems.org/
  specs:
    coderay (1.1.0)
    diff-lcs (1.2.5)
    json (1.8.1)
    method_source (0.8.2)
    pry (0.9.12.6)
      coderay (~> 1.0)
      method_source (~> 0.8)
      slop (~> 3.4)
    pry-nav (0.2.3)
      pry (~> 0.9.10)
    rake (10.1.1)
    redgreen (1.2.2)
    rr (1.1.2)
    rspec (2.14.1)
      rspec-core (~> 2.14.0)
      rspec-expectations (~> 2.14.0)
      rspec-mocks (~> 2.14.0)
    rspec-core (2.14.8)
    rspec-expectations (2.14.5)
      diff-lcs (>= 1.1.3, < 2.0)
    rspec-mocks (2.14.6)
    shoulda-context (1.1.6)
    slop (3.5.0)
    yard (0.8.7.4)

PLATFORMS
  ruby

DEPENDENCIES
  doc2json!
  pry
  pry-nav
  rake (~> 10.1.1)
  redgreen (~> 1.2.2)
  rr (~> 1.1.2)
  rspec (~> 2.14.1)
  shoulda-context (~> 1.1.6)
